GEM
  remote: https://rubygems.org/
  specs:
    actioncable (5.0.0.1)
      actionpack (= 5.0.0.1)
      nio4r (~> 1.2)
      websocket-driver (~> 0.6.1)
    actionmailer (5.0.0.1)
      actionpack (= 5.0.0.1)
      actionview (= 5.0.0.1)
      activejob (= 5.0.0.1)
      mail (~> 2.5, >= 2.5.4)
      rails-dom-testing (~> 2.0)
    actionpack (5.0.0.1)
      actionview (= 5.0.0.1)
      activesupport (= 5.0.0.1)
      rack (~> 2.0)
      rack-test (~> 0.6.3)
      rails-dom-testing (~> 2.0)
      rails-html-sanitizer (~> 1.0, >= 1.0.2)
    actionview (5.0.0.1)
      activesupport (= 5.0.0.1)
      builder (~> 3.1)
      erubis (~> 2.7.0)
      rails-dom-testing (~> 2.0)
      rails-html-sanitizer (~> 1.0, >= 1.0.2)
    activejob (5.0.0.1)
      activesupport (= 5.0.0.1)
      globalid (>= 0.3.6)
    activemodel (5.0.0.1)
      activesupport (= 5.0.0.1)
    activerecord (5.0.0.1)
      activemodel (= 5.0.0.1)
      activesupport (= 5.0.0.1)
      arel (~> 7.0)
    activesupport (5.0.0.1)
      concurrent-ruby (~> 1.0, >= 1.0.2)
      i18n (~> 0.7)
      minitest (~> 5.1)
      tzinfo (~> 1.1)
    addressable (2.4.0)
    annotate (2.7.1)
      activerecord (>= 3.2, < 6.0)
      rake (>= 10.4, < 12.0)
    ansi (1.5.0)
    arel (7.1.2)
    ast (2.3.0)
    bcrypt (3.1.11)
    builder (3.2.2)
    byebug (9.0.5)
    capybara (2.8.1)
      addressable
      mime-types (>= 1.16)
      nokogiri (>= 1.3.3)
      rack (>= 1.0.0)
      rack-test (>= 0.5.4)
      xpath (~> 2.0)
    commonjs (0.2.7)
    concurrent-ruby (1.0.2)
    coveralls (0.8.15)
      json (>= 1.8, < 3)
      simplecov (~> 0.12.0)
      term-ansicolor (~> 1.3)
      thor (~> 0.19.1)
      tins (>= 1.6.0, < 2)
    crack (0.4.3)
      safe_yaml (~> 1.0.0)
    dalli (2.7.6)
    debug_inspector (0.0.2)
    devise (4.2.0)
      bcrypt (~> 3.0)
      orm_adapter (~> 0.1)
      railties (>= 4.1.0, < 5.1)
      responders
      warden (~> 1.2.3)
    docile (1.1.5)
    domain_name (0.5.20160826)
      unf (>= 0.0.5, < 1.0.0)
    erubis (2.7.0)
    execjs (2.7.0)
    faraday (0.9.2)
      multipart-post (>= 1.2, < 3)
    globalid (0.3.7)
      activesupport (>= 4.1.0)
    google-api-client (0.9.13)
      addressable (~> 2.3)
      googleauth (~> 0.5)
      httpclient (~> 2.7)
      hurley (~> 0.1)
      memoist (~> 0.11)
      mime-types (>= 1.6)
      representable (~> 2.3.0)
      retriable (~> 2.0)
    googleauth (0.5.1)
      faraday (~> 0.9)
      jwt (~> 1.4)
      logging (~> 2.0)
      memoist (~> 0.12)
      multi_json (~> 1.11)
      os (~> 0.9)
      signet (~> 0.7)
    hashdiff (0.3.0)
    hashie (3.4.4)
    http (2.0.3)
      addressable (~> 2.3)
      http-cookie (~> 1.0)
      http-form_data (~> 1.0.1)
      http_parser.rb (~> 0.6.0)
    http-cookie (1.0.2)
      domain_name (~> 0.5)
    http-form_data (1.0.1)
    http_logger (0.5.1)
    http_parser.rb (0.6.0)
    httpclient (2.8.2.4)
    hurley (0.2)
    i18n (0.7.0)
    jquery-rails (4.2.1)
      rails-dom-testing (>= 1, < 3)
      railties (>= 4.2.0)
      thor (>= 0.14, < 2.0)
    json (2.0.2)
    jwt (1.5.4)
    less (2.6.0)
      commonjs (~> 0.2.7)
    less-rails (2.7.1)
      actionpack (>= 4.0)
      less (~> 2.6.0)
      sprockets (> 2, < 4)
      tilt
    libv8 (3.16.14.15)
    little-plugger (1.1.4)
    logging (2.1.0)
      little-plugger (~> 1.1)
      multi_json (~> 1.10)
    loofah (2.0.3)
      nokogiri (>= 1.5.9)
    mail (2.6.4)
      mime-types (>= 1.16, < 4)
    memcachier (0.0.2)
    memoist (0.15.0)
    method_source (0.8.2)
    mime-types (3.1)
      mime-types-data (~> 3.2015)
    mime-types-data (3.2016.0521)
    mini_portile2 (2.1.0)
    minitest (5.9.0)
    minitest-capybara (0.8.2)
      capybara (~> 2.2)
      minitest (~> 5.0)
      rake
    minitest-metadata (0.6.0)
      minitest (>= 4.7, < 6.0)
    minitest-rails (3.0.0)
      minitest (~> 5.8)
      railties (~> 5.0)
    minitest-rails-capybara (3.0.0)
      capybara (~> 2.7)
      minitest-capybara (~> 0.8)
      minitest-metadata (~> 0.6)
      minitest-rails (~> 3.0)
    minitest-reporters (1.1.11)
      ansi
      builder
      minitest (>= 5.0)
      ruby-progressbar
    multi_json (1.12.1)
    multi_xml (0.5.5)
    multipart-post (2.0.0)
    nio4r (1.2.1)
    nokogiri (1.6.8)
      mini_portile2 (~> 2.1.0)
      pkg-config (~> 1.1.7)
    oauth2 (1.2.0)
      faraday (>= 0.8, < 0.10)
      jwt (~> 1.0)
      multi_json (~> 1.3)
      multi_xml (~> 0.5)
      rack (>= 1.2, < 3)
    omniauth (1.3.1)
      hashie (>= 1.2, < 4)
      rack (>= 1.0, < 3)
    omniauth-mit-oauth2 (0.1.1)
      omniauth-oauth2 (~> 1.1)
    omniauth-oauth2 (1.4.0)
      oauth2 (~> 1.0)
      omniauth (~> 1.2)
    orm_adapter (0.5.0)
    os (0.9.6)
    parser (2.3.1.2)
      ast (~> 2.2)
    pg (0.18.4)
    pkg-config (1.1.7)
    powerpack (0.1.1)
    puma (3.6.0)
    rack (2.0.1)
    rack-test (0.6.3)
      rack (>= 1.0)
    rails (5.0.0.1)
      actioncable (= 5.0.0.1)
      actionmailer (= 5.0.0.1)
      actionpack (= 5.0.0.1)
      actionview (= 5.0.0.1)
      activejob (= 5.0.0.1)
      activemodel (= 5.0.0.1)
      activerecord (= 5.0.0.1)
      activesupport (= 5.0.0.1)
      bundler (>= 1.3.0, < 2.0)
      railties (= 5.0.0.1)
      sprockets-rails (>= 2.0.0)
    rails-dom-testing (2.0.1)
      activesupport (>= 4.2.0, < 6.0)
      nokogiri (~> 1.6.0)
    rails-html-sanitizer (1.0.3)
      loofah (~> 2.0)
    rails_12factor (0.0.3)
      rails_serve_static_assets
      rails_stdout_logging
    rails_serve_static_assets (0.0.5)
    rails_stdout_logging (0.0.5)
    railties (5.0.0.1)
      actionpack (= 5.0.0.1)
      activesupport (= 5.0.0.1)
      method_source
      rake (>= 0.8.7)
      thor (>= 0.18.1, < 2.0)
    rainbow (2.1.0)
    rake (11.2.2)
    ref (2.0.0)
    representable (2.3.0)
      uber (~> 0.0.7)
    responders (2.3.0)
      railties (>= 4.2.0, < 5.1)
    retriable (2.1.0)
    rollbar (2.12.0)
      multi_json
    rubocop (0.42.0)
      parser (>= 2.3.1.1, < 3.0)
      powerpack (~> 0.1)
      rainbow (>= 1.99.1, < 3.0)
      ruby-progressbar (~> 1.7)
      unicode-display_width (~> 1.0, >= 1.0.1)
    ruby-progressbar (1.8.1)
    safe_yaml (1.0.4)
    signet (0.7.3)
      addressable (~> 2.3)
      faraday (~> 0.9)
      jwt (~> 1.5)
      multi_json (~> 1.10)
    simplecov (0.12.0)
      docile (~> 1.1.0)
      json (>= 1.8, < 3)
      simplecov-html (~> 0.10.0)
    simplecov-html (0.10.0)
    sprockets (3.7.0)
      concurrent-ruby (~> 1.0)
      rack (> 1, < 3)
    sprockets-rails (3.2.0)
      actionpack (>= 4.0)
      activesupport (>= 4.0)
      sprockets (>= 3.0.0)
    sqlite3 (1.3.11)
    term-ansicolor (1.3.2)
      tins (~> 1.0)
    therubyracer (0.12.2)
      libv8 (~> 3.16.14.0)
      ref
    thor (0.19.1)
    thread_safe (0.3.5)
    tilt (2.0.5)
    tins (1.12.0)
    twitter-bootstrap-rails (3.2.2)
      actionpack (>= 3.1)
      execjs (>= 2.2.2, >= 2.2)
      less-rails (>= 2.5.0)
      railties (>= 3.1)
    tzinfo (1.2.2)
      thread_safe (~> 0.1)
    uber (0.0.15)
    uglifier (3.0.2)
      execjs (>= 0.3.0, < 3)
    unf (0.1.4)
      unf_ext
    unf_ext (0.0.7.2)
    unicode-display_width (1.1.1)
    vcr (3.0.3)
    warden (1.2.6)
      rack (>= 1.0)
    web-console (3.3.1)
      actionview (>= 5.0)
      activemodel (>= 5.0)
      debug_inspector
      railties (>= 5.0)
    webmock (2.1.0)
      addressable (>= 2.3.6)
      crack (>= 0.3.2)
      hashdiff
    websocket-driver (0.6.4)
      websocket-extensions (>= 0.1.0)
    websocket-extensions (0.1.2)
    xpath (2.0.0)
      nokogiri (~> 1.3)

PLATFORMS
  ruby

DEPENDENCIES
  annotate
  byebug
  coveralls
  dalli
  devise
  google-api-client
  hashie
  http
  http_logger
  jquery-rails
  less-rails
  memcachier
  minitest-rails
  minitest-rails-capybara
  minitest-reporters
  omniauth-mit-oauth2
  omniauth-oauth2
  pg
  puma
  rails (= 5.0.0.1)
  rails_12factor
  rollbar
  rubocop
  sqlite3
  therubyracer
  twitter-bootstrap-rails
  uglifier (>= 1.3.0)
  vcr
  web-console
  webmock

RUBY VERSION
   ruby 2.3.1p112

BUNDLED WITH
   1.12.2
